GIT
  remote: git://github.com/notahat/machinist.git
  revision: 47fa070c99ec96ede665a27bc9d1e205847a387d
  branch: 1.0-maintenance
  specs:
    machinist (1.0.6)

GIT
  remote: git://github.com/technoweenie/acts_as_versioned.git
  revision: 589289fd42b2600d5f643c85e3e4e38e03ac655e
  tag: rails_2
  specs:
    acts_as_versioned (0.5.2)

GEM
  remote: http://rubygems.org/
  specs:
    BlueCloth (1.0.1)
    RedCloth (3.0.4)
    actionmailer (2.3.18)
      actionpack (= 2.3.18)
    actionpack (2.3.18)
      activesupport (= 2.3.18)
      rack (~> 1.1.0)
    activerecord (2.3.18)
      activesupport (= 2.3.18)
    activeresource (2.3.18)
      activesupport (= 2.3.18)
    activesupport (2.3.18)
    acts_as_list (0.1.2)
    awesome_print (1.1.0)
    coderay (1.0.8)
    colorize (0.5.8)
    columnize (0.3.6)
    coveralls (0.6.7)
      colorize
      multi_json (~> 1.3)
      rest-client
      simplecov (>= 0.7)
      thor
    debugger (1.5.0)
      columnize (>= 0.3.1)
      debugger-linecache (~> 1.2.0)
      debugger-ruby_core_source (~> 1.2.0)
    debugger-linecache (1.2.0)
    debugger-ruby_core_source (1.2.0)
    faker (1.1.2)
      i18n (~> 0.5)
    hoe (3.6.0)
      rake (>= 0.8, < 11.0)
    i18n (0.6.1)
    json (1.7.7)
    kgio (2.7.4)
    liquid (2.5.0)
    metaclass (0.0.1)
    mime-types (1.23)
    mocha (0.12.7)
      metaclass (~> 0.0.1)
    multi_json (1.7.3)
    mysql2 (0.2.6)
    rack (1.1.3)
    rails (2.3.18)
      actionmailer (= 2.3.18)
      actionpack (= 2.3.18)
      activerecord (= 2.3.18)
      activeresource (= 2.3.18)
      activesupport (= 2.3.18)
      rake (>= 0.8.3)
    raindrops (0.10.0)
    rake (10.0.4)
    rdoc (3.12)
      json (~> 1.4)
    rest-client (1.6.7)
      mime-types (>= 1.16)
    rspec (1.3.0)
    rspec-rails (1.3.2)
      rack (>= 1.0.0)
      rspec (>= 1.3.0)
    rubypants (0.2.0)
    rubyzip (0.9.9)
    simplecov (0.7.1)
      multi_json (~> 1.0)
      simplecov-html (~> 0.7.1)
    simplecov-html (0.7.1)
    test-unit (1.2.3)
      hoe (>= 1.5.1)
    thor (0.18.1)
    tzinfo (0.3.37)
    unicorn (4.4.0)
      kgio (~> 2.6)
      rack
      raindrops (~> 0.7)
    will_paginate (2.3.16)
    xml-simple (1.1.2)

PLATFORMS
  ruby

DEPENDENCIES
  BlueCloth
  RedCloth (= 3.0.4)
  acts_as_list (= 0.1.2)
  acts_as_versioned!
  awesome_print
  coderay
  coveralls
  debugger
  faker
  json (~> 1.7.7)
  liquid
  machinist!
  mocha
  mysql2 (<= 0.2.6)
  rails (= 2.3.18)
  rdoc
  rspec (= 1.3.0)
  rspec-rails (= 1.3.2)
  rubypants (= 0.2.0)
  rubyzip
  test-unit (= 1.2.3)
  tzinfo
  unicorn
  will_paginate (~> 2.3.16)
  xml-simple
